GEM
  remote: https://rubygems.org/
  specs:
    bubble-wrap (1.1.4)
    rake (0.9.4)

PLATFORMS
  ruby

DEPENDENCIES
  bubble-wrap
  rake
